GEM
  remote: https://rubygems.org/
  specs:
    hologram (1.2.0)
      redcarpet (>= 2.2, < 4.0)
      rouge (>= 1.5)
    rainbow (2.0.0)
    redcarpet (3.2.0)
    rouge (1.7.2)
    sass (3.4.7)
    scss-lint (0.29.0)
      rainbow (~> 2.0)
      sass (~> 3.4.0)

PLATFORMS
  ruby

DEPENDENCIES
  hologram (~> 1.2.0)
  sass (~> 3.4.5)
  scss-lint (~> 0.29.0)
